PATH
  remote: .
  specs:
    radiator (0.2.1b)
      bitcoin-ruby (= 0.0.10)
      ffi (= 1.9.17)
      hashie (~> 3.5, >= 3.5.5)
      json (~> 1.8, >= 1.8.6)
      logging (~> 2.2, >= 2.2.0)
      net-http-persistent (~> 2.9, >= 2.9.4)

GEM
  remote: https://rubygems.org/
  specs:
    addressable (2.5.1)
      public_suffix (~> 2.0, >= 2.0.2)
    awesome_print (1.7.0)
    bitcoin-ruby (0.0.10)
    codeclimate-test-reporter (0.5.2)
      simplecov (>= 0.7.1, < 1.0.0)
    coderay (1.1.1)
    crack (0.4.3)
      safe_yaml (~> 1.0.0)
    docile (1.1.5)
    ethon (0.10.1)
      ffi (>= 1.3.0)
    faraday (0.9.2)
      multipart-post (>= 1.2, < 3)
    ffi (1.9.17)
    hashdiff (0.3.2)
    hashie (3.5.5)
    json (1.8.6)
    little-plugger (1.1.4)
    logging (2.2.2)
      little-plugger (~> 1.1)
      multi_json (~> 1.10)
    method_source (0.8.2)
    minitest (5.10.1)
    minitest-line (0.6.3)
      minitest (~> 5.0)
    multi_json (1.12.1)
    multipart-post (2.0.0)
    net-http-persistent (2.9.4)
    pry (0.10.4)
      coderay (~> 1.1.0)
      method_source (~> 0.8.1)
      slop (~> 3.4)
    public_suffix (2.0.5)
    rake (11.3.0)
    safe_yaml (1.0.4)
    simplecov (0.11.2)
      docile (~> 1.1.0)
      json (~> 1.8)
      simplecov-html (~> 0.10.0)
    simplecov-html (0.10.0)
    slop (3.6.0)
    typhoeus (1.1.2)
      ethon (>= 0.9.0)
    vcr (2.9.3)
    webmock (2.3.2)
      addressable (>= 2.3.6)
      crack (>= 0.3.2)
      hashdiff
    yard (0.8.7.6)

PLATFORMS
  ruby

DEPENDENCIES
  awesome_print (~> 1.7, >= 1.7.0)
  bundler (~> 1.14, >= 1.14.6)
  codeclimate-test-reporter (~> 0.5.2)
  faraday (~> 0.9.2)
  minitest (~> 5.9, >= 5.9.0)
  minitest-line (~> 0.6.3)
  pry (~> 0.10.3)
  radiator!
  rake (~> 11.2, >= 11.2.2)
  simplecov (~> 0.11.2)
  typhoeus (~> 1.0, >= 1.0.2)
  vcr (~> 2.9, >= 2.9.2)
  webmock (~> 2.1, >= 2.1.0)
  yard (~> 0.8.7.6)

BUNDLED WITH
   1.14.6
